PATH
  remote: .
  specs:
    doing (2.1.63)
      chronic (~> 0.10, >= 0.10.2)
      deep_merge (~> 1.2, >= 1.2.1)
      doing-plugin-twitter-import (~> 0.0)
      gli (~> 2.20, >= 2.20.1)
      haml (~> 5.0.0, >= 5.0.0)
      parslet (~> 2.0, >= 2.0.0)
      plist (~> 3.6, >= 3.6.0)
      safe_yaml (~> 1.0)
      tty-link (~> 0.1, >= 0.1.1)
      tty-markdown (~> 0.7, >= 0.7.0)
      tty-progressbar (~> 0.18, >= 0.18.2)
      tty-reader (~> 0.9, >= 0.9.0)
      tty-screen (~> 0.8, >= 0.8.1)
      tty-which (~> 0.5, >= 0.5.0)

GEM
  remote: http://rubygems.org/
  specs:
    addressable (2.8.0)
      public_suffix (>= 2.0.2, < 5.0)
    buftok (0.2.0)
    chronic (0.10.2)
    deep_merge (1.2.2)
    doing-plugin-twitter-import (0.0.2)
      twitter (~> 7.0)
    domain_name (0.5.20190701)
      unf (>= 0.0.5, < 1.0.0)
    equalizer (0.0.11)
    ffi (1.15.5)
    ffi-compiler (1.0.1)
      ffi (>= 1.0.0)
      rake
    github-markup (4.0.0)
    gli (2.21.0)
    haml (5.0.4)
      temple (>= 0.8.0)
      tilt
    http (4.4.1)
      addressable (~> 2.3)
      http-cookie (~> 1.0)
      http-form_data (~> 2.2)
      http-parser (~> 1.2.0)
    http-cookie (1.0.4)
      domain_name (~> 0.5)
    http-form_data (2.3.0)
    http-parser (1.2.3)
      ffi-compiler (>= 1.0, < 2.0)
    http_parser.rb (0.6.0)
    kramdown (2.4.0)
      rexml
    memoizable (0.4.2)
      thread_safe (~> 0.3, >= 0.3.1)
    multipart-post (2.1.1)
    naught (1.1.0)
    parallel (1.21.0)
    parallel_tests (3.7.3)
      parallel
    parslet (2.0.0)
    pastel (0.8.0)
      tty-color (~> 0.5)
    plist (3.6.0)
    power_assert (2.0.1)
    public_suffix (4.0.7)
    rake (13.0.6)
    rdoc (6.3.3)
    redcarpet (3.5.1)
    rexml (3.2.5)
    rouge (3.29.0)
    safe_yaml (1.0.5)
    simple_oauth (0.3.1)
    strings (0.2.1)
      strings-ansi (~> 0.2)
      unicode-display_width (>= 1.5, < 3.0)
      unicode_utils (~> 1.4)
    strings-ansi (0.2.0)
    temple (0.8.2)
    test-unit (3.4.9)
      power_assert
    thread_safe (0.3.6)
    tilt (2.0.10)
    tty-color (0.6.0)
    tty-cursor (0.7.1)
    tty-link (0.1.1)
    tty-markdown (0.7.0)
      kramdown (>= 1.16.2, < 3.0)
      pastel (~> 0.8)
      rouge (~> 3.14)
      strings (~> 0.2.0)
      tty-color (~> 0.5)
      tty-screen (~> 0.8)
    tty-progressbar (0.18.2)
      strings-ansi (~> 0.2)
      tty-cursor (~> 0.7)
      tty-screen (~> 0.8)
      unicode-display_width (>= 1.6, < 3.0)
    tty-reader (0.9.0)
      tty-cursor (~> 0.7)
      tty-screen (~> 0.8)
      wisper (~> 2.0)
    tty-screen (0.8.1)
    tty-spinner (0.9.3)
      tty-cursor (~> 0.7)
    tty-which (0.5.0)
    twitter (7.0.0)
      addressable (~> 2.3)
      buftok (~> 0.2.0)
      equalizer (~> 0.0.11)
      http (~> 4.0)
      http-form_data (~> 2.0)
      http_parser.rb (~> 0.6.0)
      memoizable (~> 0.4.0)
      multipart-post (~> 2.0)
      naught (~> 1.0)
      simple_oauth (~> 0.3.0)
    unf (0.1.4)
      unf_ext
    unf_ext (0.0.8.1)
    unicode-display_width (2.1.0)
    unicode_utils (1.4.0)
    webrick (1.7.0)
    wisper (2.0.1)
    yard (0.9.27)
      webrick (~> 1.7.0)

PLATFORMS
  ruby

DEPENDENCIES
  doing!
  github-markup (~> 4.0, >= 4.0.0)
  parallel_tests (~> 3.7, >= 3.7.3)
  rake (~> 13.0, >= 13.0.1)
  rdoc (~> 6.3.1)
  redcarpet (~> 3.5, >= 3.5.1)
  test-unit (~> 3.4.4)
  tty-spinner (~> 0.9, >= 0.9.3)
  yard (~> 0.9, >= 0.9.26)

BUNDLED WITH
   2.2.17
